GEM
  remote: https://rubygems.org/
  specs:
    rack (1.6.5)
    sinatra (1.1.0)
      rack (~> 1.1)
      tilt (~> 1.1)
    tilt (1.4.1)

PLATFORMS
  ruby

DEPENDENCIES
  sinatra

RUBY VERSION
   ruby 2.2.5p319

BUNDLED WITH
   1.14.6